NUGET
  remote: https://nuget.org/api/v2
  specs:
    canopy (0.9.22)
      FSharp.Core (>= 3.0.2)
      Selenium.Support (2.45.0)
      Selenium.WebDriver (2.45.0)
      SizSelCsZzz (0.3.36.0)
    FAKE (3.28.7)
    FSharp.Core (3.1.2.1)
    FSharp.Data (2.2.1)
      Zlib.Portable (>= 1.10.0) - framework: portable-net40+sl50+wp80+win80
    FsPickler (1.0.16)
    FsPickler.Json (1.0.16)
      FsPickler (1.0.16)
      Newtonsoft.Json (>= 6.0.5)
    FsUnit (1.3.0.1)
      NUnit (>= 2.6.3)
    Newtonsoft.Json (6.0.8)
    NUnit (2.6.4)
    NUnit.Runners (2.6.4)
    Selenium.Support (2.45.0)
      Selenium.WebDriver (>= 2.45.0)
    Selenium.WebDriver (2.45.0)
    SizSelCsZzz (0.3.36.0)
      Newtonsoft.Json (>= 6.0)
      Selenium.Support (>= 2.40)
      Selenium.WebDriver (>= 2.40)
    Suave (0.26.1)
      FSharp.Core (>= 3.1.2.1)
      FsPickler (>= 1.0.7)
    Zlib.Portable (1.10.0) - framework: portable-net40+sl50+wp80+win80
